NUGET
  remote: https://www.nuget.org/api/v2
    FAKE (4.22.8)
    FParsec (1.0.2)
    FSharp.Core (4.0.0.1)
    FSharpx.Collections (1.15.2)
      FSharp.Core
    NUnit (3.4.1)
